GEM
  remote: https://rubygems.org/
  specs:
    addressable (2.8.1)
      public_suffix (>= 2.0.2, < 6.0)
    blurhash (0.1.6)
      ffi (~> 1.14)
    connection_pool (2.2.2)
    content_disposition (1.0.0)
    down (5.4.0)
      addressable (~> 2.8)
    ffi (1.15.5)
    mustermann (1.1.1)
      ruby2_keywords (~> 0.0.1)
    public_suffix (5.0.1)
    rack (2.2.3)
    rack-protection (2.0.8.1)
      rack
    redis (4.1.3)
    ruby2_keywords (0.0.2)
    shrine (3.4.0)
      content_disposition (~> 1.0)
      down (~> 5.1)
    shrine-blurhash (0.1.0)
      blurhash (~> 0.1.4)
      shrine (~> 3.0)
    sidekiq (5.2.7)
      connection_pool (~> 2.2, >= 2.2.2)
      rack (>= 1.5.0)
      rack-protection (>= 1.5.0)
      redis (>= 3.3.5, < 5)
    sinatra (2.0.8.1)
      mustermann (~> 1.0)
      rack (~> 2.0)
      rack-protection (= 2.0.8.1)
      tilt (~> 2.0)
    tilt (2.0.10)

PLATFORMS
  ruby

DEPENDENCIES
  redis (~> 4.1)
  shrine-blurhash
  sidekiq (~> 5.2)
  sinatra (~> 2.0)

BUNDLED WITH
   1.17.3
